GIT
  remote: https://github.com/dradis/dradis-acunetix.git
  revision: e55696f98d753ed4d720d9771e5840c7d26974dd
  specs:
    dradis-acunetix (3.16.0)
      dradis-plugins (~> 3.6)
      nokogiri (~> 1.3)

GIT
  remote: https://github.com/dradis/dradis-brakeman.git
  revision: 12c730b729cb3888cea53766584619ef9434f60a
  specs:
    dradis-brakeman (3.16.0)
      dradis-plugins (~> 3.6)

GIT
  remote: https://github.com/dradis/dradis-burp.git
  revision: 4190cc5383a5af9995968ca33c5411b77aa233a9
  specs:
    dradis-burp (3.16.0)
      dradis-plugins (~> 3.6)
      nokogiri (~> 1.3)

GIT
  remote: https://github.com/dradis/dradis-calculator_cvss.git
  revision: c2b37d198839b00d7ab4077a9149cb71604618dc
  branch: master
  specs:
    dradis-calculator_cvss (3.16.0)
      dradis-plugins (~> 3.0)

GIT
  remote: https://github.com/dradis/dradis-calculator_dread.git
  revision: d425dd5b0db391e0c6cb27ca7d0e696cb93526d8
  specs:
    dradis-calculator_dread (3.16.0)
      dradis-plugins (~> 3.0)

GIT
  remote: https://github.com/dradis/dradis-csv.git
  revision: 0bb303a58a5d5be971ee071b4b020a2efce5b87f
  specs:
    dradis-csv (3.16.0)
      dradis-plugins (~> 3.6)

GIT
  remote: https://github.com/dradis/dradis-html_export.git
  revision: 7e130eb3ae730e5b286b0af79a857e0cdddb9b25
  specs:
    dradis-html_export (3.16.0)
      RedCloth (~> 4.3.2)
      dradis-plugins (~> 3.6)
      rails_autolink (~> 1.1)

GIT
  remote: https://github.com/dradis/dradis-metasploit.git
  revision: 411cc1adbbfaf4379b0078f9981c43f6aab8e183
  specs:
    dradis-metasploit (3.16.0)
      dradis-plugins (~> 3.6)
      nokogiri (~> 1.3)

GIT
  remote: https://github.com/dradis/dradis-nessus.git
  revision: de88718323e8c858a6150e466298283698d3443e
  specs:
    dradis-nessus (3.16.0)
      dradis-plugins (~> 3.6)
      nokogiri

GIT
  remote: https://github.com/dradis/dradis-netsparker.git
  revision: 1802e9ab7281b638e8afc134edbff9b69206f95f
  specs:
    dradis-netsparker (3.16.0)
      dradis-plugins (~> 3.2)
      nokogiri (~> 1.10.4)

GIT
  remote: https://github.com/dradis/dradis-nexpose.git
  revision: ca3bfebfcb5e3915852bc1c25f4d94f5f733261b
  specs:
    dradis-nexpose (3.16.0)
      dradis-plugins (~> 3.6)
      nokogiri (~> 1.3)

GIT
  remote: https://github.com/dradis/dradis-nikto.git
  revision: a093e310a27a95e7646ab0ad2e07b98381c921fb
  specs:
    dradis-nikto (3.16.0)
      dradis-plugins (~> 3.6)
      nokogiri (~> 1.3)

GIT
  remote: https://github.com/dradis/dradis-ntospider.git
  revision: 47ceb53c1b34a34c2a6b4e84f65ac9de11140061
  specs:
    dradis-ntospider (3.16.0)
      dradis-plugins (~> 3.6)

GIT
  remote: https://github.com/dradis/dradis-openvas.git
  revision: 6874645f3e8a91a41b07d6de410ba54590d29414
  specs:
    dradis-openvas (3.16.0)
      dradis-plugins (~> 3.6)

GIT
  remote: https://github.com/dradis/dradis-qualys.git
  revision: 4766769847f86544dc1ac806dcc9c2293dea7b97
  specs:
    dradis-qualys (3.16.0)
      dradis-plugins (~> 3.6)
      nokogiri (~> 1.3)

GIT
  remote: https://github.com/dradis/dradis-saint.git
  revision: fc8d0b51e848161b627a2c921886ccbd6c1de47e
  specs:
    dradis-saint (3.16.0)
      combustion (~> 0.6.0)
      dradis-plugins (~> 3.8)
      nokogiri
      rake (~> 13.0)
      rspec-rails

GIT
  remote: https://github.com/dradis/dradis-zap.git
  revision: 4f5e62b6b4a693d254caec5791ed2481481c6bb4
  specs:
    dradis-zap (3.16.0)
      dradis-plugins (~> 3.6)
      nokogiri (~> 1.3)

PATH
  remote: dradis-nmap
  specs:
    dradis-nmap (3.16.0)
      dradis-plugins (~> 3.6)
      ruby-nmap (~> 0.7)

PATH
  remote: dradis-plugins
  specs:
    dradis-plugins (3.16.0)

PATH
  remote: engines/dradis-api
  specs:
    dradis-api (0.0.1)
      jbuilder

GEM
  remote: https://rubygems.org/
  specs:
    RedCloth (4.3.2)
    actioncable (5.2.4.2)
      actionpack (= 5.2.4.2)
      nio4r (~> 2.0)
      websocket-driver (>= 0.6.1)
    actionmailer (5.2.4.2)
      actionpack (= 5.2.4.2)
      actionview (= 5.2.4.2)
      activejob (= 5.2.4.2)
      mail (~> 2.5, >= 2.5.4)
      rails-dom-testing (~> 2.0)
    actionpack (5.2.4.2)
      actionview (= 5.2.4.2)
      activesupport (= 5.2.4.2)
      rack (~> 2.0, >= 2.0.8)
      rack-test (>= 0.6.3)
      rails-dom-testing (~> 2.0)
      rails-html-sanitizer (~> 1.0, >= 1.0.2)
    actionview (5.2.4.2)
      activesupport (= 5.2.4.2)
      builder (~> 3.1)
      erubi (~> 1.4)
      rails-dom-testing (~> 2.0)
      rails-html-sanitizer (~> 1.0, >= 1.0.3)
    activejob (5.2.4.2)
      activesupport (= 5.2.4.2)
      globalid (>= 0.3.6)
    activemodel (5.2.4.2)
      activesupport (= 5.2.4.2)
    activerecord (5.2.4.2)
      activemodel (= 5.2.4.2)
      activesupport (= 5.2.4.2)
      arel (>= 9.0)
    activestorage (5.2.4.2)
      actionpack (= 5.2.4.2)
      activerecord (= 5.2.4.2)
      marcel (~> 0.3.1)
    activesupport (5.2.4.2)
      concurrent-ruby (~> 1.0, >= 1.0.2)
      i18n (>= 0.7, < 2)
      minitest (~> 5.1)
      tzinfo (~> 1.1)
    acts_as_tree (2.7.1)
      activerecord (>= 3.0.0)
    addressable (2.7.0)
      public_suffix (>= 2.0.2, < 5.0)
    arel (9.0.0)
    ast (2.4.0)
    autoprefixer-rails (9.7.6)
      execjs
    bcrypt (3.1.12)
    bindex (0.8.1)
    blankslate (3.1.3)
    bootsnap (1.4.6)
      msgpack (~> 1.0)
    bootstrap (4.3.1)
      autoprefixer-rails (>= 9.1.0)
      popper_js (>= 1.14.3, < 2)
      sassc-rails (>= 2.0.0)
    brakeman (4.8.1)
    builder (3.2.4)
    bullet (6.1.0)
      activesupport (>= 3.0.0)
      uniform_notifier (~> 1.11)
    bundler-audit (0.6.1)
      bundler (>= 1.2.0, < 3)
      thor (~> 0.18)
    byebug (11.1.1)
    cancancan (1.17.0)
    capybara (3.32.1)
      addressable
      mini_mime (>= 0.1.3)
      nokogiri (~> 1.8)
      rack (>= 1.6.0)
      rack-test (>= 0.6.3)
      regexp_parser (~> 1.5)
      xpath (~> 3.2)
    childprocess (3.0.0)
    chronic (0.10.2)
    coderay (1.1.2)
    coffee-rails (4.2.2)
      coffee-script (>= 2.2.0)
      railties (>= 4.0.0)
    coffee-script (2.4.1)
      coffee-script-source
      execjs
    coffee-script-source (1.12.2)
    combustion (0.6.0)
      activesupport (>= 3.0.0)
      railties (>= 3.0.0)
      thor (>= 0.14.6)
    concurrent-ruby (1.1.6)
    crass (1.0.6)
    database_cleaner (1.8.4)
    descendants_tracker (0.0.4)
      thread_safe (~> 0.3, >= 0.3.1)
    diff-lcs (1.3)
    differ (0.1.2)
    dradis-projects (3.16.0)
      dradis-plugins (~> 3.7)
      rubyzip
    erubi (1.9.0)
    execjs (2.7.0)
    factory_bot (5.1.2)
      activesupport (>= 4.2.0)
    factory_bot_rails (5.1.1)
      factory_bot (~> 5.1.0)
      railties (>= 4.2.0)
    faraday (0.17.3)
      multipart-post (>= 1.2, < 3)
    ffi (1.12.2)
    font-awesome-sass (4.7.0)
      sass (>= 3.2)
    foreman (0.87.1)
    formatador (0.2.5)
    git (1.6.0)
      rchardet (~> 1.8)
    github_api (0.18.2)
      addressable (~> 2.4)
      descendants_tracker (~> 0.0.4)
      faraday (~> 0.8)
      hashie (~> 3.5, >= 3.5.2)
      oauth2 (~> 1.0)
    globalid (0.4.2)
      activesupport (>= 4.2.0)
    guard (2.16.2)
      formatador (>= 0.2.4)
      listen (>= 2.7, < 4.0)
      lumberjack (>= 1.0.12, < 2.0)
      nenv (~> 0.1)
      notiffany (~> 0.0)
      pry (>= 0.9.12)
      shellany (~> 0.0)
      thor (>= 0.18.1)
    guard-compat (1.2.1)
    guard-rspec (4.7.3)
      guard (~> 2.1)
      guard-compat (~> 1.1)
      rspec (>= 2.99.0, < 4.0)
    hashie (3.6.0)
    highline (2.0.3)
    html-pipeline (2.12.3)
      activesupport (>= 2)
      nokogiri (>= 1.4)
    i18n (1.8.2)
      concurrent-ruby (~> 1.0)
    image_size (1.3.1)
    jaro_winkler (1.5.4)
    jbuilder (2.10.0)
      activesupport (>= 5.0.0)
    jeweler (2.1.1)
      builder
      bundler (>= 1.0)
      git (>= 1.2.5)
      github_api
      highline (>= 1.6.15)
      nokogiri (>= 1.5.10)
      rake
      rdoc
      semver
    jquery-fileupload-rails (0.3.5)
      actionpack (>= 3.1)
      railties (>= 3.1)
    jquery-hotkeys-rails (0.7.9.1)
      railties (>= 3.1)
    jquery-rails (4.3.5)
      rails-dom-testing (>= 1, < 3)
      railties (>= 4.2.0)
      thor (>= 0.14, < 2.0)
    jquery-ui-rails (6.0.1)
      railties (>= 3.2.16)
    json (1.8.6)
    jwt (2.2.1)
    kaminari (1.1.1)
      activesupport (>= 4.1.0)
      kaminari-actionview (= 1.1.1)
      kaminari-activerecord (= 1.1.1)
      kaminari-core (= 1.1.1)
    kaminari-actionview (1.1.1)
      actionview
      kaminari-core (= 1.1.1)
    kaminari-activerecord (1.1.1)
      activerecord
      kaminari-core (= 1.1.1)
    kaminari-core (1.1.1)
    kgio (2.11.3)
    launchy (2.5.0)
      addressable (~> 2.7)
    letter_opener (1.7.0)
      launchy (~> 2.2)
    libv8 (7.3.492.27.1)
    listen (3.1.5)
      rb-fsevent (~> 0.9, >= 0.9.4)
      rb-inotify (~> 0.9, >= 0.9.7)
      ruby_dep (~> 1.2)
    local_time (2.1.0)
    loofah (2.5.0)
      crass (~> 1.0.2)
      nokogiri (>= 1.5.9)
    lumberjack (1.2.4)
    macaddr (1.7.2)
      systemu (~> 2.6.5)
    mail (2.7.1)
      mini_mime (>= 0.1.1)
    marcel (0.3.3)
      mimemagic (~> 0.3.2)
    method_source (1.0.0)
    mimemagic (0.3.4)
    mini_mime (1.0.2)
    mini_portile2 (2.4.0)
    mini_racer (0.2.9)
      libv8 (>= 6.9.411)
    minitest (5.14.0)
    mocha (1.11.2)
    mono_logger (1.1.0)
    msgpack (1.3.3)
    multi_json (1.14.1)
    multi_xml (0.6.0)
    multipart-post (2.1.1)
    mustermann (1.1.1)
      ruby2_keywords (~> 0.0.1)
    nenv (0.3.0)
    nio4r (2.5.2)
    nokogiri (1.10.8)
      mini_portile2 (~> 2.4.0)
    nokogumbo (2.0.2)
      nokogiri (~> 1.8, >= 1.8.4)
    notiffany (0.1.3)
      nenv (~> 0.1)
      shellany (~> 0.0)
    oauth2 (1.4.4)
      faraday (>= 0.8, < 2.0)
      jwt (>= 1.0, < 3.0)
      multi_json (~> 1.3)
      multi_xml (~> 0.5)
      rack (>= 1.2, < 3)
    paper_trail (10.3.1)
      activerecord (>= 4.2)
      request_store (~> 1.1)
    parallel (1.19.1)
    parser (2.7.1.0)
      ast (~> 2.4.0)
    parslet (1.6.2)
      blankslate (>= 2.0, <= 4.0)
    popper_js (1.16.0)
    pry (0.13.0)
      coderay (~> 1.1)
      method_source (~> 1.0)
    public_suffix (4.0.4)
    puma (4.3.3)
      nio4r (~> 2.0)
    rack (2.2.2)
    rack-protection (2.0.2)
      rack
    rack-test (1.1.0)
      rack (>= 1.0, < 3)
    rails (5.2.4.2)
      actioncable (= 5.2.4.2)
      actionmailer (= 5.2.4.2)
      actionpack (= 5.2.4.2)
      actionview (= 5.2.4.2)
      activejob (= 5.2.4.2)
      activemodel (= 5.2.4.2)
      activerecord (= 5.2.4.2)
      activestorage (= 5.2.4.2)
      activesupport (= 5.2.4.2)
      bundler (>= 1.3.0)
      railties (= 5.2.4.2)
      sprockets-rails (>= 2.0.0)
    rails-dom-testing (2.0.3)
      activesupport (>= 4.2.0)
      nokogiri (>= 1.6)
    rails-html-sanitizer (1.3.0)
      loofah (~> 2.3)
    rails_autolink (1.1.6)
      rails (> 3.1)
    railties (5.2.4.2)
      actionpack (= 5.2.4.2)
      activesupport (= 5.2.4.2)
      method_source
      rake (>= 0.8.7)
      thor (>= 0.19.0, < 2.0)
    rainbow (3.0.0)
    raindrops (0.19.1)
    rake (13.0.1)
    rb-fsevent (0.10.3)
    rb-inotify (0.10.1)
      ffi (~> 1.0)
    rchardet (1.8.0)
    rdoc (6.2.1)
    record_tag_helper (1.0.1)
      actionview (>= 5)
    redis (4.1.3)
    redis-namespace (1.7.0)
      redis (>= 3.0.4)
    redisk (0.2.2)
      redis (>= 0.1.1)
      redis-namespace (>= 0.1.0)
    regexp_parser (1.7.0)
    request_store (1.5.0)
      rack (>= 1.4)
    rerun (0.13.0)
      listen (~> 3.0)
    resque (2.0.0)
      mono_logger (~> 1.0)
      multi_json (~> 1.0)
      redis-namespace (~> 1.6)
      sinatra (>= 0.9.2)
      vegas (~> 0.1.2)
    resque-status (0.3.0)
      jeweler
      mocha (>= 0.9.8)
      redisk (>= 0.2.1)
      resque (>= 1.3.1)
      shoulda (>= 2.10.2)
      uuid (>= 2.0.2)
    rexml (3.2.4)
    rinku (2.0.6)
    rprogram (0.3.2)
    rspec (3.9.0)
      rspec-core (~> 3.9.0)
      rspec-expectations (~> 3.9.0)
      rspec-mocks (~> 3.9.0)
    rspec-core (3.9.1)
      rspec-support (~> 3.9.1)
    rspec-expectations (3.9.1)
      diff-lcs (>= 1.2.0, < 2.0)
      rspec-support (~> 3.9.0)
    rspec-mocks (3.9.1)
      diff-lcs (>= 1.2.0, < 2.0)
      rspec-support (~> 3.9.0)
    rspec-rails (3.9.1)
      actionpack (>= 3.0)
      activesupport (>= 3.0)
      railties (>= 3.0)
      rspec-core (~> 3.9.0)
      rspec-expectations (~> 3.9.0)
      rspec-mocks (~> 3.9.0)
      rspec-support (~> 3.9.0)
    rspec-support (3.9.2)
    rubocop (0.81.0)
      jaro_winkler (~> 1.5.1)
      parallel (~> 1.10)
      parser (>= 2.7.0.1)
      rainbow (>= 2.2.2, < 4.0)
      rexml
      ruby-progressbar (~> 1.7)
      unicode-display_width (>= 1.4.0, < 2.0)
    ruby-nmap (0.10.0)
      nokogiri (~> 1.3)
      rprogram (~> 0.3)
    ruby-progressbar (1.10.1)
    ruby2_keywords (0.0.2)
    ruby_dep (1.5.0)
    rubyzip (2.3.0)
    sanitize (5.1.0)
      crass (~> 1.0.2)
      nokogiri (>= 1.8.0)
      nokogumbo (~> 2.0)
    sass (3.7.4)
      sass-listen (~> 4.0.0)
    sass-listen (4.0.0)
      rb-fsevent (~> 0.9, >= 0.9.4)
      rb-inotify (~> 0.9, >= 0.9.7)
    sass-rails (5.1.0)
      railties (>= 5.2.0)
      sass (~> 3.1)
      sprockets (>= 2.8, < 4.0)
      sprockets-rails (>= 2.0, < 4.0)
      tilt (>= 1.1, < 3)
    sassc (2.2.1)
      ffi (~> 1.9)
    sassc-rails (2.1.2)
      railties (>= 4.0.0)
      sassc (>= 2.0)
      sprockets (> 3.0)
      sprockets-rails
      tilt
    selenium-webdriver (3.142.7)
      childprocess (>= 0.5, < 4.0)
      rubyzip (>= 1.2.2)
    semver (1.0.1)
    shellany (0.0.1)
    shoulda (3.6.0)
      shoulda-context (~> 1.0, >= 1.0.1)
      shoulda-matchers (~> 3.0)
    shoulda-context (1.2.2)
    shoulda-matchers (3.1.3)
      activesupport (>= 4.0.0)
    simple_form (5.0.2)
      actionpack (>= 5.0)
      activemodel (>= 5.0)
    sinatra (2.0.2)
      mustermann (~> 1.0)
      rack (~> 2.0)
      rack-protection (= 2.0.2)
      tilt (~> 2.0)
    spring (2.1.0)
    spring-watcher-listen (2.0.1)
      listen (>= 2.7, < 4.0)
      spring (>= 1.2, < 3.0)
    sprockets (3.7.2)
      concurrent-ruby (~> 1.0)
      rack (> 1, < 3)
    sprockets-rails (3.2.1)
      actionpack (>= 4.0)
      activesupport (>= 4.0)
      sprockets (>= 3.0.0)
    sqlite3 (1.4.2)
    systemu (2.6.5)
    thor (0.20.3)
    thread_safe (0.3.6)
    tilt (2.0.10)
    timecop (0.9.1)
    turbolinks (5.2.1)
      turbolinks-source (~> 5.2)
    turbolinks-source (5.2.0)
    tzinfo (1.2.7)
      thread_safe (~> 0.1)
    uglifier (4.2.0)
      execjs (>= 0.3.0, < 3)
    unicode-display_width (1.7.0)
    unicorn (5.4.1)
      kgio (~> 2.6)
      raindrops (~> 0.7)
    uniform_notifier (1.13.0)
    uuid (2.3.9)
      macaddr (~> 1.0)
    vegas (0.1.11)
      rack (>= 1.0.0)
    warden (1.2.8)
      rack (>= 2.0.6)
    web-console (3.7.0)
      actionview (>= 5.0)
      activemodel (>= 5.0)
      bindex (>= 0.4.0)
      railties (>= 5.0)
    webdrivers (4.2.0)
      nokogiri (~> 1.6)
      rubyzip (>= 1.3.0)
      selenium-webdriver (>= 3.0, < 4.0)
    websocket-driver (0.7.1)
      websocket-extensions (>= 0.1.0)
    websocket-extensions (0.1.4)
    whenever (1.0.0)
      chronic (>= 0.6.3)
    xpath (3.2.0)
      nokogiri (~> 1.8)

PLATFORMS
  ruby

DEPENDENCIES
  RedCloth (~> 4.3.2)
  acts_as_tree (~> 2.7.1)
  bcrypt (= 3.1.12)
  bootsnap (>= 1.1.0)
  bootstrap (~> 4.3.1)
  brakeman
  builder
  bullet
  bundler-audit
  byebug
  cancancan (~> 1.10)
  capybara (>= 2.15)
  coffee-rails (~> 4.2)
  database_cleaner
  differ (~> 0.1.2)
  dradis-acunetix (~> 3.15)!
  dradis-api!
  dradis-brakeman (~> 3.15)!
  dradis-burp (~> 3.15)!
  dradis-calculator_cvss!
  dradis-calculator_dread (~> 3.15)!
  dradis-csv (~> 3.15)!
  dradis-html_export (~> 3.15)!
  dradis-metasploit (~> 3.15)!
  dradis-nessus (~> 3.15)!
  dradis-netsparker (~> 3.15)!
  dradis-nexpose (~> 3.15)!
  dradis-nikto (~> 3.15)!
  dradis-nmap!
  dradis-ntospider (~> 3.15)!
  dradis-openvas (~> 3.15)!
  dradis-plugins!
  dradis-projects (~> 3.15)
  dradis-qualys (~> 3.15)!
  dradis-saint!
  dradis-zap (~> 3.15)!
  factory_bot_rails
  font-awesome-sass (~> 4.7.0)
  foreman
  guard-rspec
  html-pipeline
  image_size (~> 1.3.0)
  jbuilder (~> 2.5)
  jquery-fileupload-rails (~> 0.3.4)
  jquery-hotkeys-rails
  jquery-rails
  jquery-ui-rails
  json (= 1.8.6)
  kaminari (~> 1.1.1)
  letter_opener
  listen (>= 3.0.5, < 3.2)
  local_time (>= 2.0.0)
  mini_racer
  nokogiri (= 1.10.8)
  paper_trail (~> 10.3)
  parslet (~> 1.6.0)
  puma (>= 4.3.3)
  rails (~> 5.2.4, >= 5.2.4.1)
  rails-html-sanitizer (~> 1.3.0)
  record_tag_helper
  rerun
  resque
  resque-status
  rinku
  rspec-rails (~> 3.1)
  rubocop
  rubyzip (>= 1.2.2)
  sanitize
  sass-rails (~> 5.0)
  selenium-webdriver
  shoulda-matchers (~> 3.1)
  simple_form
  sinatra (= 2.0.2)
  spring
  spring-watcher-listen (~> 2.0.0)
  sqlite3
  thor (~> 0.18)
  timecop
  turbolinks (~> 5)
  uglifier (>= 1.3.0)
  unicorn (= 5.4.1)
  warden (~> 1.2.3)
  web-console (>= 3.3.0)
  webdrivers
  whenever

RUBY VERSION
   ruby 2.5.7p206

BUNDLED WITH
   2.1.4
